PATH
  remote: .
  specs:
    vfnetapis (0.0.1)

GEM
  specs:
    addressable (2.2.7)
    json (1.6.5)
    launchy (2.1.0)
      addressable (~> 2.2.6)
    mime-types (1.17.2)
    rest-client (1.6.1)
      mime-types (>= 1.16)

PLATFORMS
  ruby

DEPENDENCIES
  json
  launchy
  rest-client
  vfnetapis!
